PATH
  remote: .
  specs:
    jekyll-hive (1.0.0)
      steem-ruby (~> 0.9)

GEM
  remote: https://rubygems.org/
  specs:
    addressable (2.7.0)
      public_suffix (>= 2.0.2, < 5.0)
    ast (2.4.0)
    base58 (0.2.3)
    bindata (2.4.7)
    bitcoin-ruby (0.0.20)
      eventmachine
      ffi
      scrypt
    colorator (1.1.0)
    concurrent-ruby (1.1.5)
    crack (0.4.3)
      safe_yaml (~> 1.0.0)
    diff-lcs (1.3)
    docile (1.3.2)
    em-websocket (0.5.1)
      eventmachine (>= 0.12.9)
      http_parser.rb (~> 0.6.0)
    eventmachine (1.2.7)
    ffi (1.11.3)
    ffi-compiler (1.0.1)
      ffi (>= 1.0.0)
      rake
    forwardable-extended (2.6.0)
    hashdiff (1.0.0)
    hashie (3.6.0)
    http_parser.rb (0.6.0)
    i18n (1.8.2)
      concurrent-ruby (~> 1.0)
    jaro_winkler (1.5.4)
    jekyll (4.0.0)
      addressable (~> 2.4)
      colorator (~> 1.0)
      em-websocket (~> 0.5)
      i18n (>= 0.9.5, < 2)
      jekyll-sass-converter (~> 2.0)
      jekyll-watch (~> 2.0)
      kramdown (~> 2.1)
      kramdown-parser-gfm (~> 1.0)
      liquid (~> 4.0)
      mercenary (~> 0.3.3)
      pathutil (~> 0.9)
      rouge (~> 3.0)
      safe_yaml (~> 1.0)
      terminal-table (~> 1.8)
    jekyll-sass-converter (2.0.1)
      sassc (> 2.0.1, < 3.0)
    jekyll-watch (2.2.1)
      listen (~> 3.0)
    json (2.3.0)
    kramdown (2.3.1)
      rexml
    kramdown-parser-gfm (1.1.0)
      kramdown (~> 2.0)
    liquid (4.0.3)
    listen (3.2.1)
      rb-fsevent (~> 0.10, >= 0.10.3)
      rb-inotify (~> 0.9, >= 0.9.10)
    little-plugger (1.1.4)
    logging (2.2.2)
      little-plugger (~> 1.1)
      multi_json (~> 1.10)
    mercenary (0.3.6)
    multi_json (1.14.1)
    parallel (1.19.1)
    parser (2.7.0.2)
      ast (~> 2.4.0)
    pathutil (0.16.2)
      forwardable-extended (~> 2.6)
    public_suffix (4.0.3)
    rainbow (3.0.0)
    rake (13.0.1)
    rb-fsevent (0.10.3)
    rb-inotify (0.10.1)
      ffi (~> 1.0)
    rexml (3.2.4)
    rouge (3.14.0)
    rspec (3.9.0)
      rspec-core (~> 3.9.0)
      rspec-expectations (~> 3.9.0)
      rspec-mocks (~> 3.9.0)
    rspec-core (3.9.1)
      rspec-support (~> 3.9.1)
    rspec-expectations (3.9.0)
      diff-lcs (>= 1.2.0, < 2.0)
      rspec-support (~> 3.9.0)
    rspec-mocks (3.9.1)
      diff-lcs (>= 1.2.0, < 2.0)
      rspec-support (~> 3.9.0)
    rspec-support (3.9.2)
    rubocop (0.71.0)
      jaro_winkler (~> 1.5.1)
      parallel (~> 1.10)
      parser (>= 2.6)
      rainbow (>= 2.2.2, < 4.0)
      ruby-progressbar (~> 1.7)
      unicode-display_width (>= 1.4.0, < 1.7)
    rubocop-jekyll (0.10.0)
      rubocop (>= 0.68.0, < 0.72.0)
      rubocop-performance (~> 1.2)
    rubocop-performance (1.5.2)
      rubocop (>= 0.71.0)
    ruby-progressbar (1.10.1)
    safe_yaml (1.0.5)
    sassc (2.2.1)
      ffi (~> 1.9)
    scrypt (3.0.7)
      ffi-compiler (>= 1.0, < 2.0)
    simplecov (0.17.1)
      docile (~> 1.1)
      json (>= 1.8, < 3)
      simplecov-html (~> 0.10.0)
    simplecov-html (0.10.2)
    steem-ruby (0.9.4)
      base58 (~> 0.2, >= 0.2.3)
      bindata (~> 2.4, >= 2.4.4)
      bitcoin-ruby (~> 0.0, >= 0.0.18)
      ffi (~> 1.9, >= 1.9.23)
      hashie (~> 3.5, >= 3.5.7)
      json (~> 2.1, >= 2.1.0)
      logging (~> 2.2, >= 2.2.0)
    terminal-table (1.8.0)
      unicode-display_width (~> 1.1, >= 1.1.1)
    unicode-display_width (1.6.0)
    vcr (5.0.0)
    webmock (3.7.6)
      addressable (>= 2.3.6)
      crack (>= 0.3.2)
      hashdiff (>= 0.4.0, < 2.0.0)
    yard (0.9.24)

PLATFORMS
  ruby

DEPENDENCIES
  bundler
  jekyll
  jekyll-hive!
  rake
  rspec
  rubocop-jekyll (~> 0.4)
  simplecov
  vcr
  webmock
  yard

BUNDLED WITH
   2.1.4
